GEM
  specs:
    addressable (2.5.2)
      public_suffix (>= 2.0.2, < 4.0)
    colorize (0.8.1)
    faraday (0.15.0)
      multipart-post (>= 1.2, < 3)
    multipart-post (2.0.0)
    netrc (0.11.0)
    octokit (4.9.0)
      sawyer (~> 0.8.0, >= 0.5.3)
    public_suffix (3.0.2)
    sawyer (0.8.1)
      addressable (>= 2.3.5, < 2.6)
      faraday (~> 0.8, < 1.0)

PLATFORMS
  ruby

DEPENDENCIES
  colorize
  netrc
  octokit

BUNDLED WITH
   1.16.2
